GEM
  remote: https://rubygems.org/
  specs:
    execjs (2.2.1)
    haml (4.0.5)
      tilt
    hamlbars (2.1.1)
      execjs (>= 1.2)
      haml
      sprockets (>= 2.0)
      tilt
    hike (1.2.3)
    multi_json (1.10.1)
    rack (1.5.2)
    sprockets (2.12.1)
      hike (~> 1.2)
      multi_json (~> 1.0)
      rack (~> 1.0)
      tilt (~> 1.1, != 1.3.0)
    tilt (1.4.1)

PLATFORMS
  ruby

DEPENDENCIES
  hamlbars
