GIT
  remote: https://github.com/cfis/proj4rb.git
  revision: d691c898c930b1126fb5032d723e5dab985b5e31
  specs:
    proj4rb (0.4.2)

GEM
  remote: https://rubygems.org/
  specs:
    binding_of_caller (0.7.2)
      debug_inspector (>= 0.0.1)
    coderay (1.1.0)
    dbf (2.0.7)
      fastercsv (~> 1.5.4)
    debug_inspector (0.0.2)
    fastercsv (1.5.5)
    geocoder (1.2.3)
    global_convert (0.0.2)
      proj4rb
    method_source (0.8.2)
    pry (0.10.0)
      coderay (~> 1.1.0)
      method_source (~> 0.8.1)
      slop (~> 3.4)
    rgeo (0.3.20)
    rgeo-geojson (0.3.1)
      rgeo (~> 0.3)
    rgeo-shapefile (0.2.3)
      dbf (>= 1.7.0)
      rgeo (>= 0.3.3)
    slop (3.6.0)

PLATFORMS
  ruby

DEPENDENCIES
  binding_of_caller
  geocoder
  global_convert
  proj4rb!
  pry
  rgeo
  rgeo-geojson
  rgeo-shapefile
